PATH
  remote: .
  specs:
    tacokit (0.0.1)
      activesupport
      faraday
      faraday_middleware
      hashie

GEM
  remote: https://rubygems.org/
  specs:
    activesupport (4.1.8)
      i18n (~> 0.6, >= 0.6.9)
      json (~> 1.7, >= 1.7.7)
      minitest (~> 5.1)
      thread_safe (~> 0.1)
      tzinfo (~> 1.1)
    addressable (2.3.6)
    awesome_print (1.2.0)
    byebug (3.5.1)
      columnize (~> 0.8)
      debugger-linecache (~> 1.2)
      slop (~> 3.6)
    celluloid (0.16.0)
      timers (~> 4.0.0)
    coderay (1.1.0)
    columnize (0.9.0)
    crack (0.4.2)
      safe_yaml (~> 1.0.0)
    debugger-linecache (1.2.0)
    diff-lcs (1.2.5)
    docile (1.1.5)
    dotenv (1.0.2)
    faraday (0.9.0)
      multipart-post (>= 1.2, < 3)
    faraday_middleware (0.9.1)
      faraday (>= 0.7.4, < 0.10)
    ffi (1.9.6)
    formatador (0.2.5)
    guard (2.10.2)
      formatador (>= 0.2.4)
      listen (~> 2.7)
      lumberjack (~> 1.0)
      pry (>= 0.9.12)
      thor (>= 0.18.1)
    guard-compat (0.3.0)
    guard-rspec (4.4.2)
      guard (~> 2.1)
      guard-compat (~> 0.1)
      rspec (>= 2.99.0, < 4.0)
    hashie (3.3.2)
    hitimes (1.2.2)
    i18n (0.6.11)
    json (1.8.1)
    launchy (2.4.3)
      addressable (~> 2.3)
    listen (2.8.3)
      celluloid (>= 0.15.2)
      rb-fsevent (>= 0.9.3)
      rb-inotify (>= 0.9)
    lumberjack (1.0.9)
    method_source (0.8.2)
    minitest (5.5.0)
    multi_json (1.10.1)
    multipart-post (2.0.0)
    oauth (0.4.7)
    pry (0.10.1)
      coderay (~> 1.1.0)
      method_source (~> 0.8.1)
      slop (~> 3.4)
    pry-byebug (2.0.0)
      byebug (~> 3.4)
      pry (~> 0.10)
    rack (1.5.2)
    rack-protection (1.5.3)
      rack
    rake (10.4.2)
    rb-fsevent (0.9.4)
    rb-inotify (0.9.5)
      ffi (>= 0.5.0)
    rspec (3.1.0)
      rspec-core (~> 3.1.0)
      rspec-expectations (~> 3.1.0)
      rspec-mocks (~> 3.1.0)
    rspec-core (3.1.7)
      rspec-support (~> 3.1.0)
    rspec-expectations (3.1.2)
      diff-lcs (>= 1.2.0, < 2.0)
      rspec-support (~> 3.1.0)
    rspec-mocks (3.1.3)
      rspec-support (~> 3.1.0)
    rspec-support (3.1.2)
    safe_yaml (1.0.4)
    simple_oauth (0.3.0)
    simplecov (0.9.1)
      docile (~> 1.1.0)
      multi_json (~> 1.0)
      simplecov-html (~> 0.8.0)
    simplecov-html (0.8.0)
    sinatra (1.4.5)
      rack (~> 1.4)
      rack-protection (~> 1.4)
      tilt (~> 1.3, >= 1.3.4)
    slop (3.6.0)
    thor (0.19.1)
    thread_safe (0.3.4)
    tilt (1.4.1)
    timers (4.0.1)
      hitimes
    tzinfo (1.2.2)
      thread_safe (~> 0.1)
    vcr (2.9.3)
    webmock (1.20.4)
      addressable (>= 2.3.6)
      crack (>= 0.3.2)

PLATFORMS
  ruby

DEPENDENCIES
  awesome_print
  bundler (~> 1.7)
  dotenv
  guard-rspec
  launchy
  oauth
  pry
  pry-byebug
  rake (~> 10.0)
  rb-fsevent
  rspec
  simple_oauth
  simplecov
  sinatra
  tacokit!
  vcr
  webmock
